GIT
  remote: git://github.com/radiospiel/sinatra-sse.git
  revision: 6d1c8e28cf149e350810e896c1b4f0e99230c150
  specs:
    sinatra-sse (0.1)
      expectation
      sinatra

GEM
  remote: http://rubygems.org/
  specs:
    capistrano (3.3.3)
      capistrano-stats (~> 1.0.3)
      i18n
      rake (>= 10.0.0)
      sshkit (~> 1.3)
    capistrano-stats (1.0.3)
    colorize (0.7.3)
    daemons (1.2.3)
    em-hiredis (0.3.0)
      eventmachine (~> 1.0)
      hiredis (~> 0.5.0)
    eventmachine (1.0.8)
    expectation (0.3.1)
    hiredis (0.5.2)
    i18n (0.7.0)
    net-scp (1.2.1)
      net-ssh (>= 2.6.5)
    net-ssh (2.9.1)
    rack (1.6.4)
    rack-protection (1.5.3)
      rack
    rake (10.4.2)
    redis (3.2.1)
    sinatra (1.4.6)
      rack (~> 1.4)
      rack-protection (~> 1.4)
      tilt (>= 1.3, < 3)
    sshkit (1.5.1)
      colorize
      net-scp (>= 1.1.2)
      net-ssh (>= 2.8.0)
    thin (1.6.4)
      daemons (~> 1.0, >= 1.0.9)
      eventmachine (~> 1.0, >= 1.0.4)
      rack (~> 1.0)
    tilt (2.0.1)

PLATFORMS
  ruby

DEPENDENCIES
  capistrano
  em-hiredis
  hiredis
  rake
  redis
  sinatra
  sinatra-sse!
  thin

BUNDLED WITH
   1.10.2
